PATH
  remote: bosh-dev
  specs:
    bosh-dev (0.0.0)
      bosh-stemcell
      bundler
      fog-aws (~> 0.7.6)

PATH
  remote: bosh-stemcell
  specs:
    bosh-stemcell (0.0.0)

GEM
  remote: https://rubygems.org/
  specs:
    bosh-core (1.3262.24.0)
      gibberish (~> 1.4.0)
      yajl-ruby (~> 1.2.0)
    builder (3.2.2)
    diff-lcs (1.2.5)
    excon (0.49.0)
    fakefs (0.6.7)
    fog-aws (0.7.6)
      fog-core (~> 1.27)
      fog-json (~> 1.0)
      fog-xml (~> 0.1)
      ipaddress (~> 0.8)
    fog-core (1.40.1)
      builder
      excon (~> 0.49)
      formatador (~> 0.2)
    fog-json (1.0.2)
      fog-core (~> 1.0)
      multi_json (~> 1.10)
    fog-xml (0.1.2)
      fog-core
      nokogiri (~> 1.5, >= 1.5.11)
    formatador (0.2.5)
    gibberish (1.4.0)
    ipaddress (0.8.3)
    little-plugger (1.1.4)
    logging (1.8.2)
      little-plugger (>= 1.1.3)
      multi_json (>= 1.8.4)
    mini_portile2 (2.1.0)
    multi_json (1.12.1)
    nokogiri (1.6.8)
      mini_portile2 (~> 2.1.0)
      pkg-config (~> 1.1.7)
    pkg-config (1.1.7)
    rake (10.4.2)
    rspec (3.4.0)
      rspec-core (~> 3.4.0)
      rspec-expectations (~> 3.4.0)
      rspec-mocks (~> 3.4.0)
    rspec-core (3.4.4)
      rspec-support (~> 3.4.0)
    rspec-expectations (3.4.0)
      diff-lcs (>= 1.2.0, < 2.0)
      rspec-support (~> 3.4.0)
    rspec-instafail (0.4.0)
      rspec
    rspec-its (1.2.0)
      rspec-core (>= 3.0.0)
      rspec-expectations (>= 3.0.0)
    rspec-mocks (3.4.1)
      diff-lcs (>= 1.2.0, < 2.0)
      rspec-support (~> 3.4.0)
    rspec-support (3.4.1)
    timecop (0.7.3)
    yajl-ruby (1.2.1)

PLATFORMS
  ruby

DEPENDENCIES
  bosh-core
  bosh-dev!
  bosh-stemcell!
  fakefs
  logging
  rake (~> 10.0)
  rspec
  rspec-instafail
  rspec-its
  timecop

BUNDLED WITH
   1.11.2
